GEM
  remote: http://rubygems.org/
  specs:
    highline (1.6.12)
    rake (0.9.2.2)

PLATFORMS
  ruby

DEPENDENCIES
  highline
  rake
